GIT
  remote: git://github.com/Hobo/will_paginate.git
  revision: e2bfe0a07c9fd1c6d7bf914e25db5182697ae7c2
  specs:
    will_paginate (3.0.4.hobo)

GIT
  remote: git://github.com/jorgegorka/faker
  revision: a06099f19424a2792cc86b903043297118583e37
  specs:
    faker (1.1.2)
      i18n (~> 0.5)

GIT
  remote: git://github.com/suyccom/hobo-metasearch
  revision: 3e3f517a55496c582c971ad2faf44e40c0071fb7
  specs:
    hobo-metasearch (0.1)
      ransack

GEM
  remote: https://rubygems.org/
  specs:
    actionmailer (3.2.12)
      actionpack (= 3.2.12)
      mail (~> 2.4.4)
    actionpack (3.2.12)
      activemodel (= 3.2.12)
      activesupport (= 3.2.12)
      builder (~> 3.0.0)
      erubis (~> 2.7.0)
      journey (~> 1.0.4)
      rack (~> 1.4.5)
      rack-cache (~> 1.2)
      rack-test (~> 0.6.1)
      sprockets (~> 2.2.1)
    activemodel (3.2.12)
      activesupport (= 3.2.12)
      builder (~> 3.0.0)
    activerecord (3.2.12)
      activemodel (= 3.2.12)
      activesupport (= 3.2.12)
      arel (~> 3.0.2)
      tzinfo (~> 0.3.29)
    activeresource (3.2.12)
      activemodel (= 3.2.12)
      activesupport (= 3.2.12)
    activesupport (3.2.12)
      i18n (~> 0.6)
      multi_json (~> 1.0)
    arel (3.0.3)
    awesome_print (1.2.0)
    barby (0.6.1)
    better_errors (1.1.0)
      coderay (>= 1.0.0)
      erubis (>= 2.6.6)
    binding_of_caller (0.7.2)
      debug_inspector (>= 0.0.1)
    bootstrap-datepicker-rails (1.3.0.2)
      railties (>= 3.0)
    bootstrap-sass (2.3.2.2)
      sass (~> 3.2)
    bootswatch-rails (3.2.0)
      railties (>= 3.1)
    builder (3.0.4)
    capybara (2.0.2)
      mime-types (>= 1.16)
      nokogiri (>= 1.3.3)
      rack (>= 1.0.0)
      rack-test (>= 0.5.4)
      selenium-webdriver (~> 2.0)
      xpath (~> 1.0.0)
    capybara-webkit (1.1.0)
      capybara (~> 2.0, >= 2.0.2)
      json
    childprocess (0.5.3)
      ffi (~> 1.0, >= 1.0.11)
    chunky_png (1.3.1)
    coderay (1.1.0)
    coffee-rails (3.2.2)
      coffee-script (>= 2.2.0)
      railties (~> 3.2.0)
    coffee-script (2.3.0)
      coffee-script-source
      execjs
    coffee-script-source (1.7.1)
    columnize (0.8.9)
    daemons (1.1.9)
    debug_inspector (0.0.2)
    debugger (1.6.8)
      columnize (>= 0.3.1)
      debugger-linecache (~> 1.2.0)
      debugger-ruby_core_source (~> 1.3.5)
    debugger-linecache (1.2.0)
    debugger-ruby_core_source (1.3.5)
    diff-lcs (1.2.5)
    dryml (2.0.1)
      actionpack (~> 3.2.0)
      hobo_support (= 2.0.1)
    erubis (2.7.0)
    eventmachine (1.0.3)
    exception_notification (4.0.1)
      actionmailer (>= 3.0.4)
      activesupport (>= 3.0.4)
    execjs (2.2.1)
    factory_girl (4.2.0)
      activesupport (>= 3.0.0)
    factory_girl_rails (4.2.0)
      factory_girl (~> 4.2.0)
      railties (>= 3.0.0)
    ffi (1.9.3)
    headless (1.0.2)
    hike (1.2.3)
    hirb (0.7.2)
    hobo (2.0.1)
      dryml (= 2.0.1)
      hobo_fields (= 2.0.1)
      hobo_support (= 2.0.1)
      will_paginate (~> 3.0.0)
    hobo_bootstrap (2.0.1)
      bootstrap-sass (~> 2.1)
      hobo (~> 2.0.0.pre6)
      hobo_jquery (~> 2.0.0.pre6)
      will_paginate-bootstrap (~> 0.2.1)
    hobo_bootstrap_ui (2.0.1)
      bootstrap-datepicker-rails
      hobo_bootstrap (~> 2.0.0.pre1)
    hobo_fields (2.0.1)
      hobo_support (= 2.0.1)
    hobo_jquery (2.0.1)
      hobo_rapid (= 2.0.1)
      jquery-rails (~> 2.0)
    hobo_jquery_ui (2.0.1)
      hobo (= 2.0.1)
      hobo_jquery (= 2.0.1)
      jquery-ui-themes (~> 0.0.4)
    hobo_rapid (2.0.1)
      hobo (= 2.0.1)
    hobo_support (2.0.1)
      rails (~> 3.2.0)
    httparty (0.13.1)
      json (~> 1.8)
      multi_xml (>= 0.5.2)
    i18n (0.6.11)
    journey (1.0.4)
    jquery-rails (2.2.1)
      railties (>= 3.0, < 5.0)
      thor (>= 0.14, < 2.0)
    jquery-ui-themes (0.0.11)
      httparty
    json (1.8.1)
    mail (2.4.4)
      i18n (>= 0.4.0)
      mime-types (~> 1.16)
      treetop (~> 1.4.8)
    mime-types (1.25.1)
    mini_portile (0.6.0)
    multi_json (1.10.1)
    multi_xml (0.5.5)
    nokogiri (1.6.3.1)
      mini_portile (= 0.6.0)
    paint (0.8.7)
    pdf-core (0.2.5)
    polyamorous (1.0.0)
      activerecord (>= 3.0)
    polyglot (0.3.5)
    prawn (1.2.1)
      pdf-core (~> 0.2.5)
      ttfunk (~> 1.2.0)
    prawn-labels (0.11.5.0)
      prawn (>= 0.12.0)
    quiet_assets (1.0.3)
      railties (>= 3.1, < 5.0)
    rack (1.4.5)
    rack-cache (1.2)
      rack (>= 0.4)
    rack-ssl (1.3.4)
      rack
    rack-test (0.6.2)
      rack (>= 1.0)
    rails (3.2.12)
      actionmailer (= 3.2.12)
      actionpack (= 3.2.12)
      activerecord (= 3.2.12)
      activeresource (= 3.2.12)
      activesupport (= 3.2.12)
      bundler (~> 1.0)
      railties (= 3.2.12)
    rails-settings-cached (0.2.4)
      rails (>= 3.0.0)
    railties (3.2.12)
      actionpack (= 3.2.12)
      activesupport (= 3.2.12)
      rack-ssl (~> 1.3.2)
      rake (>= 0.8.7)
      rdoc (~> 3.4)
      thor (>= 0.14.6, < 2.0)
    rake (10.3.2)
    ransack (1.2.3)
      actionpack (>= 3.0)
      activerecord (>= 3.0)
      activesupport (>= 3.0)
      i18n
      polyamorous (~> 1.0.0)
    rdoc (3.12.2)
      json (~> 1.4)
    rspec-core (2.14.8)
    rspec-expectations (2.14.5)
      diff-lcs (>= 1.1.3, < 2.0)
    rspec-mocks (2.14.6)
    rspec-rails (2.14.2)
      actionpack (>= 3.0)
      activemodel (>= 3.0)
      activesupport (>= 3.0)
      railties (>= 3.0)
      rspec-core (~> 2.14.0)
      rspec-expectations (~> 2.14.0)
      rspec-mocks (~> 2.14.0)
    rubyzip (1.1.6)
    sass (3.3.14)
    sass-rails (3.2.6)
      railties (~> 3.2.0)
      sass (>= 3.1.10)
      tilt (~> 1.3)
    selenium-webdriver (2.42.0)
      childprocess (>= 0.5.0)
      multi_json (~> 1.0)
      rubyzip (~> 1.0)
      websocket (~> 1.0.4)
    spork (1.0.0rc4)
    sprockets (2.2.2)
      hike (~> 1.2)
      multi_json (~> 1.0)
      rack (~> 1.0)
      tilt (~> 1.1, != 1.3.0)
    sqlite3 (1.3.9)
    thin (1.6.2)
      daemons (>= 1.0.9)
      eventmachine (>= 1.0.0)
      rack (>= 1.0.0)
    thor (0.19.1)
    tilt (1.4.1)
    timecop (0.7.1)
    treetop (1.4.15)
      polyglot
      polyglot (>= 0.3.1)
    ttfunk (1.2.0)
    tzinfo (0.3.40)
    uglifier (2.5.3)
      execjs (>= 0.3.0)
      json (>= 1.8.0)
    websocket (1.0.7)
    whisk_deploy (0.6.26)
      rake
    wicked_pdf (0.11.0)
      rails
    will_paginate-bootstrap (0.2.5)
      will_paginate (>= 3.0.3)
    wirb (1.0.3)
      paint (~> 0.8)
    xpath (1.0.0)
      nokogiri (~> 1.3)

PLATFORMS
  ruby

DEPENDENCIES
  awesome_print
  barby
  better_errors
  binding_of_caller
  bootswatch-rails
  capybara (= 2.0.2)
  capybara-webkit (= 1.1.0)
  chunky_png
  coffee-rails (~> 3.2.1)
  debugger
  exception_notification
  factory_girl_rails (= 4.2.0)
  faker!
  headless
  hirb
  hobo (= 2.0.1)
  hobo-metasearch!
  hobo_bootstrap (= 2.0.1)
  hobo_bootstrap_ui (= 2.0.1)
  hobo_jquery_ui (= 2.0.1)
  jquery-rails (= 2.2.1)
  jquery-ui-themes (~> 0.0.4)
  prawn-labels
  quiet_assets
  rails (= 3.2.12)
  rails-settings-cached (= 0.2.4)
  rspec-rails (~> 2.14.2)
  sass-rails (~> 3.2.3)
  spork (>= 1.0.0rc3)
  sqlite3
  thin
  timecop
  uglifier (>= 1.0.3)
  whisk_deploy
  wicked_pdf
  will_paginate!
  wirb
